GEM
  remote: https://rubygems.org/
  specs:
    addressable (2.8.6)
      public_suffix (>= 2.0.2, < 6.0)
    public_suffix (5.0.4)
    rack (3.0.8)
    roda (3.74.0)
      rack

PLATFORMS
  arm64-darwin-22
  x86_64-linux

DEPENDENCIES
  addressable (~> 2.8)
  roda

RUBY VERSION
   ruby 3.2.2p53

BUNDLED WITH
   2.4.12
